PATH
  remote: .
  specs:
    edifact_parser (0.9.0)

GEM
  remote: http://rubygems.org/
  specs:
    racc (1.4.9)
    rake (10.0.3)

PLATFORMS
  ruby

DEPENDENCIES
  edifact_parser!
  racc (~> 1.4)
  rake
